GEM
  remote: https://rubygems.org/
  specs:
    rack (2.0.7)
    remote_syslog_logger (1.0.4)
      syslog_protocol
    syslog_protocol (0.9.2)

PLATFORMS
  ruby

DEPENDENCIES
  rack
  remote_syslog_logger

